PATH
  remote: .
  specs:
    name_parser (0.9.1)

GEM
  remote: http://rubygems.org/
  specs:
    ansi (1.5.0)
    builder (3.2.3)
    gem-release (2.0.1)
    minitest (5.11.3)
    minitest-reporters (1.3.4)
      ansi
      builder
      minitest (>= 5.0)
      ruby-progressbar
    rake (12.3.1)
    ruby-progressbar (1.10.0)

PLATFORMS
  ruby

DEPENDENCIES
  gem-release
  minitest (>= 5.8)
  minitest-reporters (>= 1.1)
  name_parser!
  rake (>= 12.3.1)

BUNDLED WITH
   1.16.1
